GEM
  remote: http://rubygems.org/
  specs:
    actionmailer (2.3.14)
      actionpack (= 2.3.14)
    actionpack (2.3.14)
      activesupport (= 2.3.14)
      rack (~> 1.1.0)
    activerecord (2.3.14)
      activesupport (= 2.3.14)
    activeresource (2.3.14)
      activesupport (= 2.3.14)
    activesupport (2.3.14)
    builder (3.0.0)
    haml (3.1.4)
    mysql (2.8.1)
    packet (0.1.15)
    rack (1.1.3)
    rails (2.3.14)
      actionmailer (= 2.3.14)
      actionpack (= 2.3.14)
      activerecord (= 2.3.14)
      activeresource (= 2.3.14)
      activesupport (= 2.3.14)
      rake (>= 0.8.3)
    rake (0.9.2.2)
    rmagick (2.13.1)
    sass (3.1.16)
    scruffy (0.2.6)

PLATFORMS
  ruby

DEPENDENCIES
  builder
  haml
  mysql
  packet
  rails (~> 2.3.8)
  rmagick
  sass
  scruffy
